GEM
  remote: http://rubygems.org/
  specs:
    coffee-script (2.2.0)
      coffee-script-source
      execjs
    coffee-script-source (1.2.0)
    execjs (1.3.0)
      multi_json (~> 1.0)
    ffi (1.0.11)
    guard (1.0.1)
      ffi (>= 0.5.0)
      thor (~> 0.14.6)
    guard-rake (0.0.5)
      guard
      rake
    guard-sprockets2 (0.0.6)
      guard
      sprockets (~> 2.0)
    hike (1.2.1)
    libv8 (3.3.10.4)
    multi_json (1.1.0)
    rack (1.4.1)
    rake (0.9.2.2)
    rb-fsevent (0.9.0)
    sass (3.1.15)
    sprockets (2.3.1)
      hike (~> 1.2)
      multi_json (~> 1.0)
      rack (~> 1.0)
      tilt (~> 1.1, != 1.3.0)
    therubyracer (0.9.10)
      libv8 (~> 3.3.10)
    thor (0.14.6)
    tilt (1.3.3)
    uglifier (1.2.3)
      execjs (>= 0.3.0)
      multi_json (>= 1.0.2)

PLATFORMS
  ruby

DEPENDENCIES
  coffee-script
  guard-rake
  guard-sprockets2
  rb-fsevent
  sass
  sprockets
  therubyracer
  uglifier
